PATH
  remote: .
  specs:
    3scale_client (2.2.7)
      nokogiri

GEM
  remote: http://rubygems.org/
  specs:
    fakeweb (1.3.0)
    git (1.2.5)
    jeweler (1.5.2)
      bundler (~> 1.0.0)
      git (>= 1.2.5)
      rake
    metaclass (0.0.1)
    mocha (0.10.0)
      metaclass (~> 0.0.1)
    nokogiri (1.5.0)
    rake (0.9.2.2)

PLATFORMS
  ruby

DEPENDENCIES
  3scale_client!
  fakeweb
  jeweler
  mocha
